GIT
  remote: https://github.com/imnetworku/interactive-logger.git
  revision: c3fdb3dec202569c32d53cb1f1d0b08d0810e801
  branch: ruby-3.3.6
  specs:
    interactive-logger (0.1.4)
      colorize
      ruby-duration

PATH
  remote: .
  specs:
    moonshot (3.0.5)
      activesupport
      aws-sdk-autoscaling
      aws-sdk-cloudformation
      aws-sdk-codedeploy
      aws-sdk-ec2
      aws-sdk-elasticloadbalancing
      aws-sdk-iam
      aws-sdk-s3
      colorize
      faraday
      faraday-rack
      faraday-retry
      highline
      pry
      require_all
      retriable
      rexml
      rotp
      ruby-duration
      semantic
      thor
      travis
      vandamme

GEM
  remote: https://rubygems.org/
  specs:
    activesupport (7.0.8.7)
      concurrent-ruby (~> 1.0, >= 1.0.2)
      i18n (>= 1.6, < 2)
      minitest (>= 5.1)
      tzinfo (~> 2.0)
    addressable (2.8.7)
      public_suffix (>= 2.0.2, < 7.0)
    ast (2.4.2)
    aws-eventstream (1.3.0)
    aws-partitions (1.1029.0)
    aws-sdk-autoscaling (1.128.0)
      aws-sdk-core (~> 3, >= 3.210.0)
      aws-sigv4 (~> 1.5)
    aws-sdk-cloudformation (1.124.0)
      aws-sdk-core (~> 3, >= 3.210.0)
      aws-sigv4 (~> 1.5)
    aws-sdk-codedeploy (1.79.0)
      aws-sdk-core (~> 3, >= 3.210.0)
      aws-sigv4 (~> 1.5)
    aws-sdk-core (3.214.0)
      aws-eventstream (~> 1, >= 1.3.0)
      aws-partitions (~> 1, >= 1.992.0)
      aws-sigv4 (~> 1.9)
      jmespath (~> 1, >= 1.6.1)
    aws-sdk-ec2 (1.498.0)
      aws-sdk-core (~> 3, >= 3.210.0)
      aws-sigv4 (~> 1.5)
    aws-sdk-elasticloadbalancing (1.68.0)
      aws-sdk-core (~> 3, >= 3.210.0)
      aws-sigv4 (~> 1.5)
    aws-sdk-iam (1.114.0)
      aws-sdk-core (~> 3, >= 3.210.0)
      aws-sigv4 (~> 1.5)
    aws-sdk-kms (1.96.0)
      aws-sdk-core (~> 3, >= 3.210.0)
      aws-sigv4 (~> 1.5)
    aws-sdk-s3 (1.176.1)
      aws-sdk-core (~> 3, >= 3.210.0)
      aws-sdk-kms (~> 1)
      aws-sigv4 (~> 1.5)
    aws-sigv4 (1.10.1)
      aws-eventstream (~> 1, >= 1.0.2)
    base64 (0.2.0)
    codeclimate-test-reporter (1.0.7)
      simplecov
    coderay (1.1.3)
    colorize (1.1.0)
    commonmarker (0.14.15)
      ruby-enum (~> 0.5)
    concurrent-ruby (1.3.4)
    connection_pool (2.4.1)
    diff-lcs (1.5.1)
    docile (1.4.1)
    ethon (0.16.0)
      ffi (>= 1.15.0)
    fakefs (2.8.0)
    faraday (2.7.12)
      base64
      faraday-net_http (>= 2.0, < 3.1)
      ruby2_keywords (>= 0.0.4)
    faraday-net_http (3.0.2)
    faraday-rack (2.0.0)
      faraday (~> 2.0)
    faraday-retry (2.2.1)
      faraday (~> 2.0)
    faraday-typhoeus (1.1.0)
      faraday (~> 2.0)
      typhoeus (~> 1.4)
    ffi (1.17.0)
    ffi (1.17.0-arm64-darwin)
    github-markup (1.7.0)
    highline (2.1.0)
    i18n (1.14.6)
      concurrent-ruby (~> 1.0)
    iso8601 (0.13.0)
    jmespath (1.6.2)
    json (2.9.1)
    json_pure (2.6.3)
    language_server-protocol (3.17.0.3)
    launchy (2.5.2)
      addressable (~> 2.8)
    method_source (1.1.0)
    minitest (5.25.4)
    multi_json (1.15.0)
    net-http-persistent (4.0.5)
      connection_pool (~> 2.2)
    net-http-pipeline (1.0.1)
    parallel (1.26.3)
    parser (3.3.6.0)
      ast (~> 2.4.1)
      racc
    pry (0.15.2)
      coderay (~> 1.1)
      method_source (~> 1.0)
    public_suffix (6.0.1)
    pusher-client (0.6.2)
      json
      websocket (~> 1.0)
    racc (1.8.1)
    rack (3.1.8)
    rack-test (2.1.0)
      rack (>= 1.3)
    rainbow (3.1.1)
    rake (13.2.1)
    regexp_parser (2.10.0)
    require_all (3.0.0)
    retriable (3.1.2)
    rexml (3.4.0)
    rotp (6.3.0)
    rspec (3.13.0)
      rspec-core (~> 3.13.0)
      rspec-expectations (~> 3.13.0)
      rspec-mocks (~> 3.13.0)
    rspec-core (3.13.2)
      rspec-support (~> 3.13.0)
    rspec-expectations (3.13.3)
      diff-lcs (>= 1.2.0, < 2.0)
      rspec-support (~> 3.13.0)
    rspec-mocks (3.13.2)
      diff-lcs (>= 1.2.0, < 2.0)
      rspec-support (~> 3.13.0)
    rspec-support (3.13.2)
    rubocop (1.69.2)
      json (~> 2.3)
      language_server-protocol (>= 3.17.0)
      parallel (~> 1.10)
      parser (>= 3.3.0.2)
      rainbow (>= 2.2.2, < 4.0)
      regexp_parser (>= 2.9.3, < 3.0)
      rubocop-ast (>= 1.36.2, < 2.0)
      ruby-progressbar (~> 1.7)
      unicode-display_width (>= 2.4.0, < 4.0)
    rubocop-ast (1.37.0)
      parser (>= 3.3.1.0)
    ruby-duration (3.2.3)
      activesupport (>= 3.0.0)
      i18n
      iso8601
    ruby-enum (0.9.0)
      i18n
    ruby-progressbar (1.13.0)
    ruby2_keywords (0.0.5)
    semantic (1.6.1)
    simplecov (0.22.0)
      docile (~> 1.1)
      simplecov-html (~> 0.11)
      simplecov_json_formatter (~> 0.1)
    simplecov-html (0.13.1)
    simplecov_json_formatter (0.1.4)
    thor (1.3.2)
    travis (1.14.0)
      faraday (~> 2.7.10)
      faraday-rack (~> 2)
      highline (~> 2.1.0)
      json_pure (~> 2.6.3)
      launchy (~> 2.5.2)
      pusher-client (~> 0.6.2)
      rack-test (~> 2.1.0)
      travis-gh (~> 0.21.0)
    travis-gh (0.21.0)
      activesupport (~> 7.0.8)
      addressable (~> 2.8)
      faraday (~> 2)
      faraday-retry
      faraday-typhoeus
      multi_json (~> 1)
      net-http-persistent (~> 4)
      net-http-pipeline
    typhoeus (1.4.1)
      ethon (>= 0.9.0)
    tzinfo (2.0.6)
      concurrent-ruby (~> 1.0)
    unicode-display_width (3.1.3)
      unicode-emoji (~> 4.0, >= 4.0.4)
    unicode-emoji (4.0.4)
    vandamme (0.0.12)
      commonmarker (~> 0.14.14)
      github-markup (~> 1.3)
    websocket (1.2.11)

PLATFORMS
  arm64-darwin-24
  ruby

DEPENDENCIES
  codeclimate-test-reporter
  fakefs
  interactive-logger!
  moonshot!
  pry
  rake
  rspec
  rubocop
  simplecov

BUNDLED WITH
   2.5.23
