PATH
  remote: ..
  specs:
    moonshot (3.0.5)
      activesupport
      aws-sdk-autoscaling (~> 1.5)
      aws-sdk-cloudformation (~> 1.4)
      aws-sdk-codedeploy (~> 1.5)
      aws-sdk-ec2 (~> 1.34)
      aws-sdk-elasticloadbalancing (~> 1.3)
      aws-sdk-iam (~> 1.4)
      aws-sdk-s3 (~> 1.12)
      colorize
      faraday (~> 1.0)
      faraday-rack (~> 1.0.0)
      faraday-retry (~> 1.0)
      highline
      interactive-logger
      pry
      require_all
      retriable
      rexml
      rotp
      ruby-duration
      semantic
      thor

GEM
  remote: https://rubygems.org/
  specs:
    activesupport (8.0.2)
      base64
      benchmark (>= 0.3)
      bigdecimal
      concurrent-ruby (~> 1.0, >= 1.3.1)
      connection_pool (>= 2.2.5)
      drb
      i18n (>= 1.6, < 2)
      logger (>= 1.4.2)
      minitest (>= 5.1)
      securerandom (>= 0.3)
      tzinfo (~> 2.0, >= 2.0.5)
      uri (>= 0.13.1)
    aws-eventstream (1.4.0)
    aws-partitions (1.1132.0)
    aws-sdk-autoscaling (1.139.0)
      aws-sdk-core (~> 3, >= 3.227.0)
      aws-sigv4 (~> 1.5)
    aws-sdk-cloudformation (1.135.0)
      aws-sdk-core (~> 3, >= 3.227.0)
      aws-sigv4 (~> 1.5)
    aws-sdk-codedeploy (1.86.0)
      aws-sdk-core (~> 3, >= 3.227.0)
      aws-sigv4 (~> 1.5)
    aws-sdk-core (3.227.0)
      aws-eventstream (~> 1, >= 1.3.0)
      aws-partitions (~> 1, >= 1.992.0)
      aws-sigv4 (~> 1.9)
      base64
      jmespath (~> 1, >= 1.6.1)
      logger
    aws-sdk-ec2 (1.540.0)
      aws-sdk-core (~> 3, >= 3.227.0)
      aws-sigv4 (~> 1.5)
    aws-sdk-elasticloadbalancing (1.76.0)
      aws-sdk-core (~> 3, >= 3.227.0)
      aws-sigv4 (~> 1.5)
    aws-sdk-iam (1.125.0)
      aws-sdk-core (~> 3, >= 3.227.0)
      aws-sigv4 (~> 1.5)
    aws-sdk-kms (1.107.0)
      aws-sdk-core (~> 3, >= 3.227.0)
      aws-sigv4 (~> 1.5)
    aws-sdk-s3 (1.194.0)
      aws-sdk-core (~> 3, >= 3.227.0)
      aws-sdk-kms (~> 1)
      aws-sigv4 (~> 1.5)
    aws-sigv4 (1.12.1)
      aws-eventstream (~> 1, >= 1.0.2)
    base64 (0.3.0)
    benchmark (0.4.1)
    bigdecimal (3.2.2)
    coderay (1.1.3)
    colorize (0.8.1)
    concurrent-ruby (1.3.5)
    connection_pool (2.5.3)
    drb (2.2.3)
    faraday (1.10.4)
      faraday-em_http (~> 1.0)
      faraday-em_synchrony (~> 1.0)
      faraday-excon (~> 1.1)
      faraday-httpclient (~> 1.0)
      faraday-multipart (~> 1.0)
      faraday-net_http (~> 1.0)
      faraday-net_http_persistent (~> 1.0)
      faraday-patron (~> 1.0)
      faraday-rack (~> 1.0)
      faraday-retry (~> 1.0)
      ruby2_keywords (>= 0.0.4)
    faraday-em_http (1.0.0)
    faraday-em_synchrony (1.0.1)
    faraday-excon (1.1.0)
    faraday-httpclient (1.0.1)
    faraday-multipart (1.1.1)
      multipart-post (~> 2.0)
    faraday-net_http (1.0.2)
    faraday-net_http_persistent (1.2.0)
    faraday-patron (1.0.0)
    faraday-rack (1.0.0)
    faraday-retry (1.0.3)
    highline (3.1.2)
      reline
    i18n (1.14.7)
      concurrent-ruby (~> 1.0)
    interactive-logger (0.1.3)
      colorize (~> 0.7, >= 0.7.7)
      ruby-duration (~> 3.2, >= 3.2.3)
    io-console (0.8.1)
    iso8601 (0.13.0)
    jmespath (1.6.2)
    logger (1.7.0)
    method_source (1.1.0)
    minitest (5.25.5)
    multipart-post (2.4.1)
    pry (0.15.2)
      coderay (~> 1.1)
      method_source (~> 1.0)
    reline (0.6.2)
      io-console (~> 0.5)
    require_all (3.0.0)
    retriable (3.1.2)
    rexml (3.4.1)
    rotp (6.3.0)
    ruby-duration (3.2.3)
      activesupport (>= 3.0.0)
      i18n
      iso8601
    ruby2_keywords (0.0.5)
    securerandom (0.4.1)
    semantic (1.6.1)
    thor (1.4.0)
    tzinfo (2.0.6)
      concurrent-ruby (~> 1.0)
    uri (1.0.3)

PLATFORMS
  arm64-darwin-23
  ruby

DEPENDENCIES
  moonshot!

BUNDLED WITH
   2.5.11
