GEM
  remote: https://rubygems.org/
  specs:
    activesupport (7.0.3.1)
      concurrent-ruby (~> 1.0, >= 1.0.2)
      i18n (>= 1.6, < 2)
      minitest (>= 5.1)
      tzinfo (~> 2.0)
    aws-sdk (2.2.36)
      aws-sdk-resources (= 2.2.36)
    aws-sdk-core (2.2.36)
      jmespath (~> 1.0)
    aws-sdk-resources (2.2.36)
      aws-sdk-core (= 2.2.36)
    colorize (0.7.7)
    concurrent-ruby (1.1.10)
    github-markup (1.4.0)
    highline (1.7.8)
    i18n (1.12.0)
      concurrent-ruby (~> 1.0)
    interactive-logger (0.1.1)
      colorize (~> 0.7.7)
      ruby-duration (~> 3.2, >= 3.2.1)
    iso8601 (0.13.0)
    jmespath (1.2.4)
      json_pure (>= 1.8.1)
    json_pure (1.8.3)
    minitest (5.16.2)
    moonshot (0.7.0)
      aws-sdk (~> 2.2.0)
      colorize
      highline (~> 1.7.2)
      interactive-logger (~> 0.1.1)
      rotp (~> 2.1.1)
      ruby-duration (~> 3.2.3)
      semantic
      thor (~> 0.19.1)
      vandamme
    redcarpet (3.3.4)
    rotp (2.1.2)
    ruby-duration (3.2.3)
      activesupport (>= 3.0.0)
      i18n
      iso8601
    semantic (1.4.1)
    thor (0.19.1)
    tzinfo (2.0.5)
      concurrent-ruby (~> 1.0)
    vandamme (0.0.11)
      github-markup (~> 1.3)
      redcarpet (~> 3.3.2)

PLATFORMS
  ruby

DEPENDENCIES
  moonshot (~> 0.7.0)

BUNDLED WITH
   1.11.2
